GEM
  remote: https://rubygems.org/
  specs:
    activesupport (3.2.6)
      i18n (~> 0.6)
      multi_json (~> 1.0)
    allowance (0.1.1)
    haml (3.1.6)
    happy (0.1.0)
      activesupport (~> 3.1)
      allowance (>= 0.1.1)
      rack (~> 1.4)
      tilt (~> 1.3)
    i18n (0.6.0)
    multi_json (1.3.6)
    rack (1.4.1)
    sass (3.1.19)
    tilt (1.3.3)

PLATFORMS
  ruby

DEPENDENCIES
  haml
  happy
  rack
  sass
